GEM
  remote: https://rubygems.org/
  specs:
    epoxy (0.3.1)
    methlab (0.1.0)
    rdbi (1.1.0)
      epoxy (>= 0.3.1)
      typelib
    rdbi-driver-sqlite3 (0.9.1)
      epoxy (>= 0.3.1)
      methlab
      rdbi
      sqlite3-ruby (~> 1.3)
    sequel (4.21.0)
    sqlite3 (1.3.10)
    sqlite3-ruby (1.3.3)
      sqlite3 (>= 1.3.3)
    typelib (0.1.0)

PLATFORMS
  ruby

DEPENDENCIES
  rdbi-driver-sqlite3
  sequel
