GEM
  remote: https://rubygems.org/
  specs:
    epoxy (0.3.1)
    haml (4.0.5)
      tilt
    methlab (0.1.0)
    rack (1.5.2)
    rack-protection (1.5.3)
      rack
    rdbi (1.1.0)
      epoxy (>= 0.3.1)
      typelib
    rdbi-driver-sqlite3 (0.9.1)
      epoxy (>= 0.3.1)
      methlab
      rdbi
      sqlite3-ruby (~> 1.3)
    sequel (4.21.0)
    sinatra (1.4.5)
      rack (~> 1.4)
      rack-protection (~> 1.4)
      tilt (~> 1.3, >= 1.3.4)
    sqlite3 (1.3.10)
    sqlite3-ruby (1.3.3)
      sqlite3 (>= 1.3.3)
    tilt (1.4.1)
    typelib (0.1.0)

PLATFORMS
  ruby

DEPENDENCIES
  haml
  rdbi-driver-sqlite3
  sequel
  sinatra
